GIT
  remote: git://github.com/soupcms/soupcms-api.git
  revision: 082e841fbb2de30e0a6d501754a90a1bd5edd70d
  specs:
    soupcms-api (0.5.0)
      bson_ext
      mongo

GIT
  remote: git://github.com/soupcms/soupcms-cli.git
  revision: 9f1c9c1a4e2b727070a32d373815378d3c5681d3
  specs:
    soupcms-cli (0.5.4)
      bson_ext (~> 1.10)
      mongo (~> 1.10)
      thor (~> 0.19)

GIT
  remote: git://github.com/soupcms/soupcms-common.git
  revision: 19127cfc5eb23f0035666b7a48426aacfb7d7f4d
  specs:
    soupcms-common (0.5.0)

GIT
  remote: git://github.com/soupcms/soupcms-core.git
  revision: c6b1a33ab0656fe9c22a829d1d6731d43a82eecc
  specs:
    soupcms-core (0.5.0)
      bootstrap-sass
      sass
      slim
      sprockets-helpers

GIT
  remote: git://github.com/sstephenson/sprockets.git
  revision: 2a658ff971b44ee995bf3205a991005f8dbdca1d
  ref: 2a658ff971b44ee995bf3205a991005f8dbdca1d
  specs:
    sprockets (2.12.0)
      hike (~> 1.2)
      rack (~> 1.0)

GEM
  remote: https://rubygems.org/
  specs:
    bootstrap-sass (3.2.0.2)
      sass (~> 3.2)
    bson (1.10.2)
    bson_ext (1.10.2)
      bson (~> 1.10.2)
    coderay (1.1.0)
    daemon_controller (1.2.0)
    dotenv (0.11.1)
      dotenv-deployment (~> 0.0.2)
    dotenv-deployment (0.0.2)
    foreman (0.75.0)
      dotenv (~> 0.11.1)
      thor (~> 0.19.1)
    hike (1.2.3)
    kramdown (1.4.1)
    mini_portile (0.6.0)
    mongo (1.10.2)
      bson (= 1.10.2)
    newrelic_rpm (3.9.3.241)
    nokogiri (1.6.3.1)
      mini_portile (= 0.6.0)
    passenger (4.0.50)
      daemon_controller (>= 1.2.0)
      rack
      rake (>= 0.8.1)
    puma (2.9.1)
      rack (>= 1.1, < 2.0)
    rack (1.5.2)
    rake (10.3.2)
    sass (3.4.3)
    slim (2.0.3)
      temple (~> 0.6.6)
      tilt (>= 1.3.3, < 2.1)
    sprockets-helpers (1.1.0)
      sprockets (~> 2.0)
    temple (0.6.8)
    thor (0.19.1)
    tilt (2.0.1)

PLATFORMS
  ruby

DEPENDENCIES
  bson_ext
  coderay
  foreman
  kramdown
  mongo
  newrelic_rpm
  nokogiri
  passenger
  puma
  soupcms-api!
  soupcms-cli!
  soupcms-common!
  soupcms-core!
  sprockets!
