GIT
  remote: git://github.com/soupcms/soupcms-api.git
  revision: 11398944e9afedcb5e29f72adc74ec60343d9b59
  specs:
    soupcms-api (0.5.0)
      mongo

GIT
  remote: git://github.com/soupcms/soupcms-cli.git
  revision: 7d711d06e122c4faf45e1677de447a3d6b5ee627
  specs:
    soupcms-cli (0.5.4)
      cloudinary
      mongo
      thor

GIT
  remote: git://github.com/soupcms/soupcms-common.git
  revision: 889efffcc269bdb6eabbf0ad06f4051a97cde903
  specs:
    soupcms-common (0.5.0)

GIT
  remote: git://github.com/soupcms/soupcms-core.git
  revision: 58e43f31c7b35bf09fbb855af9e81ce81c50bd49
  specs:
    soupcms-core (0.5.0)
      bootstrap-sass
      sass
      slim
      sprockets

GEM
  remote: https://rubygems.org/
  specs:
    autoprefixer-rails (5.2.1.3)
      execjs
      json
    aws_cf_signer (0.1.3)
    bootstrap-sass (3.3.5.1)
      autoprefixer-rails (>= 5.0.0.1)
      sass (>= 3.3.0)
    bson (3.2.1)
    cloudinary (1.1.0)
      aws_cf_signer
      rest-client
    coderay (1.1.0)
    domain_name (0.5.24)
      unf (>= 0.0.5, < 1.0.0)
    execjs (2.6.0)
    foreman (0.78.0)
      thor (~> 0.19.1)
    http-cookie (1.0.2)
      domain_name (~> 0.5)
    json (1.8.3)
    kramdown (1.8.0)
    mime-types (2.6.1)
    mini_portile (0.6.2)
    mongo (2.0.6)
      bson (~> 3.0)
    netrc (0.10.3)
    newrelic_rpm (3.13.0.299)
    nokogiri (1.6.6.2)
      mini_portile (~> 0.6.0)
    passenger (5.0.16)
      rack
      rake (>= 0.8.1)
    puma (2.13.4)
    rack (1.6.4)
    rake (10.4.2)
    rest-client (1.8.0)
      http-cookie (>= 1.0.2, < 2.0)
      mime-types (>= 1.16, < 3.0)
      netrc (~> 0.7)
    sass (3.4.18)
    slim (3.0.6)
      temple (~> 0.7.3)
      tilt (>= 1.3.3, < 2.1)
    sprockets (3.3.3)
      rack (~> 1.0)
    temple (0.7.6)
    thor (0.19.1)
    tilt (2.0.1)
    unf (0.1.4)
      unf_ext
    unf_ext (0.0.7.1)

PLATFORMS
  ruby

DEPENDENCIES
  coderay
  foreman
  kramdown
  mongo
  newrelic_rpm
  nokogiri
  passenger
  puma
  soupcms-api!
  soupcms-cli!
  soupcms-common!
  soupcms-core!
