GIT
  remote: git://github.com/soupcms/soupcms-api.git
  revision: a49a07c4a5dcb8cbc83d60f3ac5b9d9354a731ca
  specs:
    soupcms-api (0.5.0)
      bson_ext
      mongo

GIT
  remote: git://github.com/soupcms/soupcms-cli.git
  revision: 0c2cd36758cc4dc4a03a8a5ed5f71dba04bd3dbb
  specs:
    soupcms-cli (0.5.3)
      bson_ext (~> 1.10)
      mongo (~> 1.10)
      thor (~> 0.19)

GIT
  remote: git://github.com/soupcms/soupcms-common.git
  revision: 9fc937c84874b9de0957bcfc84f6d0c6d5ae113c
  specs:
    soupcms-common (0.5.0)

GIT
  remote: git://github.com/soupcms/soupcms-core.git
  revision: ac8575a87352f6a6ca2e260e797b81a807f455c2
  specs:
    soupcms-core (0.5.0)
      bootstrap-sass
      sass
      slim
      sprockets-helpers

GIT
  remote: git://github.com/sstephenson/sprockets.git
  revision: 2a658ff971b44ee995bf3205a991005f8dbdca1d
  ref: 2a658ff971b44ee995bf3205a991005f8dbdca1d
  specs:
    sprockets (2.12.0)
      hike (~> 1.2)
      rack (~> 1.0)

GEM
  remote: https://rubygems.org/
  specs:
    bootstrap-sass (3.1.1.1)
      sass (~> 3.2)
    bson (1.10.0)
    bson_ext (1.10.0)
      bson (~> 1.10.0)
    coderay (1.1.0)
    daemon_controller (1.2.0)
    dotenv (0.7.0)
    foreman (0.66.0)
      dotenv (~> 0.7.0)
      thor (~> 0.19.1)
    hike (1.2.3)
    kramdown (1.3.3)
    mini_portile (0.5.3)
    mongo (1.10.0)
      bson (~> 1.10.0)
    newrelic_rpm (3.8.0.218)
    nokogiri (1.6.1)
      mini_portile (~> 0.5.0)
    passenger (4.0.41)
      daemon_controller (>= 1.2.0)
      rack
      rake (>= 0.8.1)
    puma (2.8.2)
      rack (>= 1.1, < 2.0)
    rack (1.5.2)
    rake (10.2.2)
    sass (3.3.5)
    slim (2.0.2)
      temple (~> 0.6.6)
      tilt (>= 1.3.3, < 2.1)
    sprockets-helpers (1.1.0)
      sprockets (~> 2.0)
    temple (0.6.7)
    thor (0.19.1)
    tilt (2.0.1)

PLATFORMS
  ruby

DEPENDENCIES
  bson_ext
  coderay
  foreman
  kramdown
  mongo
  newrelic_rpm
  nokogiri
  passenger
  puma
  soupcms-api!
  soupcms-cli!
  soupcms-common!
  soupcms-core!
  sprockets!
