GIT
  remote: git://github.com/soupcms/soupcms-api.git
  revision: 5c6a31e9fd7e65f5f3ce77e01d9d8d3cb7a452cb
  specs:
    soupcms-api (0.5.0)
      bson_ext
      mongo

GIT
  remote: git://github.com/soupcms/soupcms-common.git
  revision: 8a31793329593afe0aad647a2a10050c60310fec
  specs:
    soupcms-common (0.5.0)

GIT
  remote: git://github.com/soupcms/soupcms-core.git
  revision: 4c931beb0bb81eea536d6e43322a2bcc934c8f62
  specs:
    soupcms-core (0.5.0)
      sass
      slim
      sprockets-helpers
      tilt

GIT
  remote: git://github.com/sstephenson/sprockets.git
  revision: 488787e22d91b138a4b8403e6142a86e4559bdab
  specs:
    sprockets (2.10.1)
      hike (~> 1.2)
      rack (~> 1.0)

PATH
  remote: .
  specs:
    soupcms-site (0.5.0)

GEM
  remote: https://rubygems.org/
  specs:
    addressable (2.3.5)
    backports (3.4.0)
    bson (1.9.2)
    bson_ext (1.9.2)
      bson (~> 1.9.2)
    coderay (1.1.0)
    diff-lcs (1.2.5)
    dotenv (0.9.0)
    ethon (0.6.2)
      ffi (>= 1.3.0)
      mime-types (~> 1.18)
    faraday (0.8.8)
      multipart-post (~> 1.2.0)
    faraday_middleware (0.9.0)
      faraday (>= 0.7.4, < 0.9)
    ffi (1.9.3)
    foreman (0.63.0)
      dotenv (>= 0.7)
      thor (>= 0.13.6)
    gh (0.13.0)
      addressable
      backports
      faraday (~> 0.8)
      multi_json (~> 1.0)
      net-http-persistent (>= 2.7)
      net-http-pipeline
    highline (1.6.20)
    hike (1.2.3)
    kramdown (1.3.1)
    launchy (2.4.2)
      addressable (~> 2.3)
    method_source (0.8.2)
    mime-types (1.25.1)
    mini_portile (0.5.2)
    mongo (1.9.2)
      bson (~> 1.9.2)
    multi_json (1.8.2)
    multipart-post (1.2.0)
    net-http-persistent (2.9)
    net-http-pipeline (1.0.1)
    newrelic_rpm (3.7.1.182)
    nokogiri (1.6.1)
      mini_portile (~> 0.5.0)
    pry (0.9.12.4)
      coderay (~> 1.0)
      method_source (~> 0.8)
      slop (~> 3.4)
    puma (2.7.1)
      rack (>= 1.1, < 2.0)
    pusher-client (0.4.0)
      websocket (~> 1.0.0)
    rack (1.5.2)
    rack-cache (1.2)
      rack (>= 0.4)
    rack-test (0.6.2)
      rack (>= 1.0)
    rake (10.1.1)
    redcarpet (3.0.0)
    rspec (3.0.0.beta1)
      rspec-core (= 3.0.0.beta1)
      rspec-expectations (= 3.0.0.beta1)
      rspec-mocks (= 3.0.0.beta1)
    rspec-core (3.0.0.beta1)
      rspec-support (= 3.0.0.beta1)
    rspec-expectations (3.0.0.beta1)
      diff-lcs (>= 1.1.3, < 2.0)
      rspec-support (= 3.0.0.beta1)
    rspec-mocks (3.0.0.beta1)
      rspec-support (= 3.0.0.beta1)
    rspec-support (3.0.0.beta1)
    sass (3.2.13)
    slim (2.0.2)
      temple (~> 0.6.6)
      tilt (>= 1.3.3, < 2.1)
    slop (3.4.7)
    sprockets-helpers (1.1.0)
      sprockets (~> 2.0)
    temple (0.6.7)
    thor (0.18.1)
    tilt (2.0.0)
    travis (1.6.6)
      addressable (~> 2.3)
      backports
      faraday (~> 0.8.7)
      faraday_middleware (~> 0.9)
      gh (~> 0.13)
      highline (~> 1.6)
      launchy (~> 2.1)
      pry (~> 0.9)
      pusher-client (~> 0.4)
      typhoeus (~> 0.6)
    typhoeus (0.6.7)
      ethon (~> 0.6.2)
    websocket (1.0.7)

PLATFORMS
  ruby

DEPENDENCIES
  bson_ext
  coderay
  faraday
  faraday_middleware
  foreman
  kramdown
  mongo
  newrelic_rpm
  nokogiri
  puma
  rack-cache
  rack-test
  rake
  redcarpet
  rspec (~> 3.0.0.beta1)
  soupcms-api!
  soupcms-common!
  soupcms-core!
  soupcms-site!
  sprockets!
  travis
