GIT
  remote: git://github.com/soupcms/soupcms-api.git
  revision: f732c0363cf5e411e9c468d1d4f4e6aa33ae8365
  specs:
    soupcms-api (0.5.0)
      bson_ext
      mongo

GIT
  remote: git://github.com/soupcms/soupcms-cli.git
  revision: 2122aee91e14a306e075b42ef711bf6e910a651c
  specs:
    soupcms-cli (0.5.4)
      bson_ext (~> 1.10)
      cloudinary (~> 1.0)
      mongo (~> 1.10)
      thor (~> 0.19)

GIT
  remote: git://github.com/soupcms/soupcms-common.git
  revision: 2fae436b8b68c9d1fcc9bb601869c8b8a838c90c
  specs:
    soupcms-common (0.5.0)

GIT
  remote: git://github.com/soupcms/soupcms-core.git
  revision: 3d27d648b70121dc718e2fee75db27e53e8101be
  specs:
    soupcms-core (0.5.0)
      bootstrap-sass
      sass
      slim
      sprockets (= 3.0.0.beta.8)

GEM
  remote: https://rubygems.org/
  specs:
    autoprefixer-rails (5.1.7)
      execjs
      json
    aws_cf_signer (0.1.3)
    bootstrap-sass (3.3.3)
      autoprefixer-rails (>= 5.0.0.1)
      sass (>= 3.2.19)
    bson (1.12.0)
    bson_ext (1.12.0)
      bson (~> 1.12.0)
    cloudinary (1.0.82)
      aws_cf_signer
      rest-client
    coderay (1.1.0)
    daemon_controller (1.2.0)
    dotenv (1.0.2)
    execjs (2.3.0)
    foreman (0.77.0)
      dotenv (~> 1.0.2)
      thor (~> 0.19.1)
    json (1.8.2)
    kramdown (1.5.0)
    mime-types (2.4.3)
    mini_portile (0.6.2)
    mongo (1.12.0)
      bson (= 1.12.0)
    netrc (0.10.3)
    newrelic_rpm (3.10.0.279)
    nokogiri (1.6.6.2)
      mini_portile (~> 0.6.0)
    passenger (4.0.59)
      daemon_controller (>= 1.2.0)
      rack
      rake (>= 0.8.1)
    puma (2.11.1)
      rack (>= 1.1, < 2.0)
    rack (1.6.0)
    rake (10.4.2)
    rest-client (1.7.3)
      mime-types (>= 1.16, < 3.0)
      netrc (~> 0.7)
    sass (3.4.12)
    slim (3.0.2)
      temple (~> 0.7.3)
      tilt (>= 1.3.3, < 2.1)
    sprockets (3.0.0.beta.8)
      rack (~> 1.0)
    temple (0.7.5)
    thor (0.19.1)
    tilt (2.0.1)

PLATFORMS
  ruby

DEPENDENCIES
  bson_ext
  coderay
  foreman
  kramdown
  mongo
  newrelic_rpm
  nokogiri
  passenger
  puma
  soupcms-api!
  soupcms-cli!
  soupcms-common!
  soupcms-core!
