GIT
  remote: git://github.com/soupcms/soupcms-api.git
  revision: d6922f8342725dfad04a948f16f12b2def9cb2d8
  specs:
    soupcms-api (0.5.0)
      bson_ext
      mongo

GIT
  remote: git://github.com/soupcms/soupcms-cli.git
  revision: 0b7802f5ccc0b666c304e7abf5a5f5e44651d873
  specs:
    soupcms-cli (0.5.0)
      bson_ext (~> 1.9)
      mongo (~> 1.9)
      thor (~> 0.18)

GIT
  remote: git://github.com/soupcms/soupcms-common.git
  revision: 152cdc6d6ffbf7b9f480ef0dc5952faa4e5cfa7d
  specs:
    soupcms-common (0.5.0)

GIT
  remote: git://github.com/soupcms/soupcms-core.git
  revision: e8ac54d3f506203e88ce5a058f6882866a015391
  specs:
    soupcms-core (0.5.0)
      sass
      slim
      sprockets
      sprockets-helpers

GIT
  remote: git://github.com/sstephenson/sprockets.git
  revision: 8d2a455fcf99dd2d2d20a340eddb251c09f975b3
  specs:
    sprockets (2.10.1)
      hike (~> 1.2)
      rack (~> 1.0)

GEM
  remote: https://rubygems.org/
  specs:
    bson (1.9.2)
    bson_ext (1.9.2)
      bson (~> 1.9.2)
    coderay (1.1.0)
    daemon_controller (1.1.8)
    dotenv (0.9.0)
    faraday (0.8.9)
      multipart-post (~> 1.2.0)
    faraday_middleware (0.9.0)
      faraday (>= 0.7.4, < 0.9)
    foreman (0.63.0)
      dotenv (>= 0.7)
      thor (>= 0.13.6)
    hike (1.2.3)
    kramdown (1.3.2)
    mini_portile (0.5.2)
    mongo (1.9.2)
      bson (~> 1.9.2)
    multipart-post (1.2.0)
    newrelic_rpm (3.7.3.199)
    nokogiri (1.6.1)
      mini_portile (~> 0.5.0)
    passenger (4.0.37)
      daemon_controller (>= 1.1.0)
      rack
      rake (>= 0.8.1)
    rack (1.5.2)
    rack-cache (1.2)
      rack (>= 0.4)
    rake (10.1.1)
    redcarpet (3.1.1)
    sass (3.2.14)
    slim (2.0.2)
      temple (~> 0.6.6)
      tilt (>= 1.3.3, < 2.1)
    sprockets-helpers (1.1.0)
      sprockets (~> 2.0)
    temple (0.6.7)
    thor (0.18.1)
    tilt (2.0.0)

PLATFORMS
  ruby

DEPENDENCIES
  bson_ext
  coderay
  faraday
  faraday_middleware
  foreman
  kramdown
  mongo
  newrelic_rpm
  nokogiri
  passenger
  rack-cache
  redcarpet
  soupcms-api!
  soupcms-cli!
  soupcms-common!
  soupcms-core!
  sprockets!
