GIT
  remote: git://github.com/sstephenson/sprockets.git
  revision: 488787e22d91b138a4b8403e6142a86e4559bdab
  specs:
    sprockets (2.10.1)
      hike (~> 1.2)
      rack (~> 1.0)

PATH
  remote: .
  specs:
    soupcms-site (0.5.0)

PATH
  remote: ../soupcms-api
  specs:
    soupcms-api (0.5.0)
      bson_ext
      mongo

PATH
  remote: ../soupcms-common
  specs:
    soupcms-common (0.5.0)

PATH
  remote: ../soupcms-core
  specs:
    soupcms-core (0.5.0)
      sass
      slim
      sprockets-helpers
      tilt

GEM
  remote: https://rubygems.org/
  specs:
    bson (1.9.2)
    bson_ext (1.9.2)
      bson (~> 1.9.2)
    coderay (1.1.0)
    diff-lcs (1.2.5)
    faraday (0.8.8)
      multipart-post (~> 1.2.0)
    faraday_middleware (0.9.0)
      faraday (>= 0.7.4, < 0.9)
    hike (1.2.3)
    kramdown (1.3.0)
    mini_portile (0.5.2)
    mongo (1.9.2)
      bson (~> 1.9.2)
    multipart-post (1.2.0)
    nokogiri (1.6.1)
      mini_portile (~> 0.5.0)
    puma (2.7.1)
      rack (>= 1.1, < 2.0)
    rack (1.5.2)
    rack-cache (1.2)
      rack (>= 0.4)
    rack-test (0.6.2)
      rack (>= 1.0)
    rake (10.1.1)
    redcarpet (3.0.0)
    rspec (3.0.0.beta1)
      rspec-core (= 3.0.0.beta1)
      rspec-expectations (= 3.0.0.beta1)
      rspec-mocks (= 3.0.0.beta1)
    rspec-core (3.0.0.beta1)
    rspec-expectations (3.0.0.beta1)
      diff-lcs (>= 1.1.3, < 2.0)
      rspec-support (= 3.0.0.beta1)
    rspec-mocks (3.0.0.beta1)
    rspec-support (3.0.0.beta1)
    sass (3.2.13)
    slim (2.0.2)
      temple (~> 0.6.6)
      tilt (>= 1.3.3, < 2.1)
    sprockets-helpers (1.1.0)
      sprockets (~> 2.0)
    temple (0.6.7)
    tilt (2.0.0)

PLATFORMS
  ruby

DEPENDENCIES
  bson_ext
  coderay
  faraday
  faraday_middleware
  kramdown
  mongo
  nokogiri
  puma
  rack-cache
  rack-test
  rake
  redcarpet
  rspec (~> 3.0.0.beta1)
  soupcms-api!
  soupcms-common!
  soupcms-core!
  soupcms-site!
  sprockets!
